GEM
  specs:
    byebug (9.1.0)
    diff-lcs (1.5.1)
    rspec (3.11.0)
      rspec-core (~> 3.11.0)
      rspec-expectations (~> 3.11.0)
      rspec-mocks (~> 3.11.0)
    rspec-core (3.11.0)
      rspec-support (~> 3.11.0)
    rspec-expectations (3.11.1)
      diff-lcs (>= 1.2.0, < 2.0)
      rspec-support (~> 3.11.0)
    rspec-mocks (3.11.1)
      diff-lcs (>= 1.2.0, < 2.0)
      rspec-support (~> 3.11.0)
    rspec-support (3.11.1)

PLATFORMS
  ruby
  x86_64-darwin-21

DEPENDENCIES
  byebug (~> 9.0, >= 9.0.6)
  rspec (~> 3.4)

BUNDLED WITH
   2.5.6
